GEM
  remote: https://rubygems.org/
  specs:
    coderay (1.1.3)
    ffi (1.17.1-x64-mingw-ucrt)
    jekyll-watch (2.2.1)
      listen (~> 3.0)
    kramdown (2.5.1)
      rexml (>= 3.3.9)
    kramdown-parser-gfm (1.1.0)
      kramdown (~> 2.0)
    kramdown-syntax-coderay (1.0.1)
      coderay (~> 1.1)
      kramdown (~> 2.0)
    listen (3.9.0)
      rb-fsevent (~> 0.10, >= 0.10.3)
      rb-inotify (~> 0.9, >= 0.9.10)
    rb-fsevent (0.11.2)
    rb-inotify (0.11.1)
      ffi (~> 1.0)
    rexml (3.4.0)
    webrick (1.9.1)

PLATFORMS
  x64-mingw-ucrt

DEPENDENCIES
  jekyll-watch (~> 2.2)
  kramdown-parser-gfm (~> 1.1)
  kramdown-syntax-coderay (~> 1.0)
  webrick (~> 1.9)

BUNDLED WITH
   2.5.23
